GEM
  remote: https://rubygems.org/
  specs:
    coderay (1.0.8)
    ffi (1.2.0)
    guard (1.6.1)
      listen (>= 0.6.0)
      lumberjack (>= 1.0.2)
      pry (>= 0.9.10)
      thor (>= 0.14.6)
    guard-rake (0.0.7)
      guard
      rake
    haml (3.1.7)
    hpricot (0.8.6)
    libnotify (0.8.0)
      ffi (>= 1.0.11)
    listen (0.6.0)
    lumberjack (1.0.2)
    method_source (0.8.1)
    pry (0.9.10)
      coderay (~> 1.0.5)
      method_source (~> 0.8)
      slop (~> 3.3.1)
    rake (10.0.3)
    rb-inotify (0.8.8)
      ffi (>= 0.5.0)
    sass (3.2.4)
    slop (3.3.3)
    thor (0.16.0)

PLATFORMS
  ruby

DEPENDENCIES
  guard
  guard-rake
  haml
  hpricot
  libnotify
  rake
  rb-inotify
  sass
