GEM
  remote: http://rubygems.org/
  specs:
    haml (3.1.1)
    hpricot (0.8.4)
    rake (0.9.2)
    rake (0.9.2.2)
    sass (3.1.1)

PLATFORMS
  ruby

DEPENDENCIES
  haml
  hpricot
  rake
  sass
