GEM
  remote: https://rubygems.org/
  specs:
    ffi (1.9.23)
    haml (5.0.4)
      temple (>= 0.8.0)
      tilt
    rake (12.3.1)
    rb-fsevent (0.10.3)
    rb-inotify (0.9.10)
      ffi (>= 0.5.0, < 2)
    rb-readline (0.5.5)
    ruby-prof (0.17.0)
    sass (3.5.6)
      sass-listen (~> 4.0.0)
    sass-listen (4.0.0)
      rb-fsevent (~> 0.9, >= 0.9.4)
      rb-inotify (~> 0.9, >= 0.9.7)
    temple (0.8.0)
    tilt (2.0.8)

PLATFORMS
  ruby

DEPENDENCIES
  haml
  rake
  rb-readline
  ruby-prof
  sass

BUNDLED WITH
   1.14.6
