GEM
  remote: https://rubygems.org/
  specs:
    haml (4.0.3)
      tilt
    rake (10.0.4)
    rb-readline (0.5.2)
    ruby-prof (0.13.0)
    sass (3.2.9)
    tilt (1.4.1)

PLATFORMS
  ruby

DEPENDENCIES
  haml
  rake
  rb-readline
  ruby-prof
  sass
